GIT
  remote: https://github.com/mradmacher/entitainer.git
  revision: adef45ac3da5b3f33187974e92d71abb416d6812
  tag: adef45a
  specs:
    entitainer (0.0.1)
      optiomist (~> 0.0.3)

GEM
  remote: https://rubygems.org/
  specs:
    addressable (2.8.7)
      public_suffix (>= 2.0.2, < 7.0)
    ast (2.4.2)
    base64 (0.2.0)
    bcrypt (3.1.20)
    bigdecimal (3.1.8)
    capybara (3.40.0)
      addressable
      matrix
      mini_mime (>= 0.1.3)
      nokogiri (~> 1.11)
      rack (>= 1.6.0)
      rack-test (>= 0.6.3)
      regexp_parser (>= 1.5, < 3.0)
      xpath (~> 3.2)
    json (2.8.1)
    language_server-protocol (3.17.0.3)
    matrix (0.4.2)
    mini_mime (1.1.5)
    mini_portile2 (2.8.7)
    minitest (5.25.1)
    minitest-hooks (1.5.2)
      minitest (> 5.3)
    minitest-rg (5.3.0)
      minitest (~> 5.0)
    multi_json (1.15.0)
    mustermann (3.0.3)
      ruby2_keywords (~> 0.0.1)
    nio4r (2.7.4)
    nokogiri (1.16.7)
      mini_portile2 (~> 2.8.2)
      racc (~> 1.4)
    nokogiri (1.16.7-x86_64-linux)
      racc (~> 1.4)
    optiomist (0.0.3)
    parallel (1.26.3)
    param_param (0.1.0)
      optiomist (~> 0.0.3)
    parser (3.3.6.0)
      ast (~> 2.4.1)
      racc
    pdfkit (0.8.7.3)
    pg (1.5.9)
    public_suffix (6.0.1)
    puma (5.6.9)
      nio4r (~> 2.0)
    racc (1.8.1)
    rack (2.2.10)
    rack-protection (3.2.0)
      base64 (>= 0.1.0)
      rack (~> 2.2, >= 2.2.4)
    rack-test (2.1.0)
      rack (>= 1.3)
    rainbow (3.1.1)
    rake (13.2.1)
    redcarpet (3.6.0)
    regexp_parser (2.9.2)
    resonad (1.4.0)
    rexml (3.3.9)
    rubocop (1.68.0)
      json (~> 2.3)
      language_server-protocol (>= 3.17.0)
      parallel (~> 1.10)
      parser (>= 3.3.0.2)
      rainbow (>= 2.2.2, < 4.0)
      regexp_parser (>= 2.4, < 3.0)
      rubocop-ast (>= 1.32.2, < 2.0)
      ruby-progressbar (~> 1.7)
      unicode-display_width (>= 2.4.0, < 3.0)
    rubocop-ast (1.34.0)
      parser (>= 3.3.1.0)
    rubocop-minitest (0.36.0)
      rubocop (>= 1.61, < 2.0)
      rubocop-ast (>= 1.31.1, < 2.0)
    rubocop-rake (0.6.0)
      rubocop (~> 1.0)
    rubocop-sequel (0.3.7)
      rubocop (~> 1.0)
    ruby-progressbar (1.13.0)
    ruby2_keywords (0.0.5)
    rubyzip (2.3.2)
    selenium-webdriver (4.8.6)
      rexml (~> 3.2, >= 3.2.5)
      rubyzip (>= 1.2.2, < 3.0)
      websocket (~> 1.0)
    sequel (5.86.0)
      bigdecimal
    sinatra (3.2.0)
      mustermann (~> 3.0)
      rack (~> 2.2, >= 2.2.4)
      rack-protection (= 3.2.0)
      tilt (~> 2.0)
    sinatra-contrib (3.2.0)
      multi_json (>= 0.0.2)
      mustermann (~> 3.0)
      rack-protection (= 3.2.0)
      sinatra (= 3.2.0)
      tilt (~> 2.0)
    tilt (2.4.0)
    unicode-display_width (2.6.0)
    websocket (1.2.11)
    xpath (3.2.0)
      nokogiri (~> 1.8)

PLATFORMS
  ruby
  x86_64-linux

DEPENDENCIES
  bcrypt
  capybara
  entitainer!
  minitest
  minitest-hooks
  minitest-rg
  optiomist (~> 0.0.3)
  param_param (~> 0.1.0)
  pdfkit
  pg
  puma (~> 5.6)
  rack-test
  rake
  redcarpet
  resonad
  rubocop
  rubocop-minitest
  rubocop-rake
  rubocop-sequel
  selenium-webdriver (~> 4.8.0)
  sequel
  sinatra (~> 3.2)
  sinatra-contrib

BUNDLED WITH
   2.2.32
