GEM
  remote: https://rubygems.org/
  specs:
    addressable (2.8.7)
      public_suffix (>= 2.0.2, < 7.0)
    ast (2.4.2)
    base64 (0.2.0)
    bcrypt (3.1.20)
    bigdecimal (3.1.8)
    capybara (3.40.0)
      addressable
      matrix
      mini_mime (>= 0.1.3)
      nokogiri (~> 1.11)
      rack (>= 1.6.0)
      rack-test (>= 0.6.3)
      regexp_parser (>= 1.5, < 3.0)
      xpath (~> 3.2)
    csv (3.3.2)
    entitainer (0.0.1)
      optiomist (~> 0.0.3)
    json (2.8.2)
    language_server-protocol (3.17.0.3)
    logger (1.6.2)
    matrix (0.4.2)
    mini_mime (1.1.5)
    mini_portile2 (2.8.8)
    minitest (5.25.1)
    minitest-hooks (1.5.2)
      minitest (> 5.3)
    minitest-rg (5.3.0)
      minitest (~> 5.0)
    multi_json (1.15.0)
    mustermann (3.0.3)
      ruby2_keywords (~> 0.0.1)
    nio4r (2.7.4)
    nokogiri (1.18.2)
      mini_portile2 (~> 2.8.2)
      racc (~> 1.4)
    nokogiri (1.18.2-x86_64-linux-gnu)
      racc (~> 1.4)
    optiomist (0.0.3)
    parallel (1.26.3)
    param_param (1.0.0)
      optiomist (~> 0.0.3)
    parser (3.3.6.0)
      ast (~> 2.4.1)
      racc
    pdfkit (0.8.7.3)
    public_suffix (6.0.1)
    puma (6.4.3)
      nio4r (~> 2.0)
    racc (1.8.1)
    rack (3.1.8)
    rack-protection (4.1.1)
      base64 (>= 0.1.0)
      logger (>= 1.6.0)
      rack (>= 3.0.0, < 4)
    rack-session (2.0.0)
      rack (>= 3.0.0)
    rack-test (2.1.0)
      rack (>= 1.3)
    rackup (2.2.1)
      rack (>= 3)
    rainbow (3.1.1)
    rake (13.2.1)
    redcarpet (3.6.0)
    regexp_parser (2.9.2)
    resonad (1.4.0)
    rexml (3.3.9)
    rubocop (1.68.0)
      json (~> 2.3)
      language_server-protocol (>= 3.17.0)
      parallel (~> 1.10)
      parser (>= 3.3.0.2)
      rainbow (>= 2.2.2, < 4.0)
      regexp_parser (>= 2.4, < 3.0)
      rubocop-ast (>= 1.32.2, < 2.0)
      ruby-progressbar (~> 1.7)
      unicode-display_width (>= 2.4.0, < 3.0)
    rubocop-ast (1.36.1)
      parser (>= 3.3.1.0)
    rubocop-minitest (0.36.0)
      rubocop (>= 1.61, < 2.0)
      rubocop-ast (>= 1.31.1, < 2.0)
    rubocop-rake (0.6.0)
      rubocop (~> 1.0)
    rubocop-sequel (0.3.7)
      rubocop (~> 1.0)
    ruby-progressbar (1.13.0)
    ruby2_keywords (0.0.5)
    rubyzip (2.3.2)
    selenium-webdriver (4.8.6)
      rexml (~> 3.2, >= 3.2.5)
      rubyzip (>= 1.2.2, < 3.0)
      websocket (~> 1.0)
    sequel (5.86.0)
      bigdecimal
    sinatra (4.1.1)
      logger (>= 1.6.0)
      mustermann (~> 3.0)
      rack (>= 3.0.0, < 4)
      rack-protection (= 4.1.1)
      rack-session (>= 2.0.0, < 3)
      tilt (~> 2.0)
    sinatra-contrib (4.1.1)
      multi_json (>= 0.0.2)
      mustermann (~> 3.0)
      rack-protection (= 4.1.1)
      sinatra (= 4.1.1)
      tilt (~> 2.0)
    sqlite3 (2.5.0)
      mini_portile2 (~> 2.8.0)
    sqlite3 (2.5.0-x86_64-linux-gnu)
    tilt (2.4.0)
    unicode-display_width (2.6.0)
    websocket (1.2.11)
    xpath (3.2.0)
      nokogiri (~> 1.8)

PLATFORMS
  ruby
  x86_64-linux

DEPENDENCIES
  bcrypt
  capybara
  csv
  entitainer (~> 0.0.1)
  minitest
  minitest-hooks
  minitest-rg
  optiomist (~> 0.0.3)
  param_param (~> 1.0.0)
  pdfkit
  puma
  rack-test
  rackup
  rake
  redcarpet
  resonad
  rubocop
  rubocop-minitest
  rubocop-rake
  rubocop-sequel
  selenium-webdriver (~> 4.8.0)
  sequel
  sinatra (>= 4.1.0)
  sinatra-contrib
  sqlite3

BUNDLED WITH
   2.5.23
